PATH
  remote: .
  specs:
    top_100_videogames (0.1.0)

GEM
  remote: https://rubygems.org/
  specs:
    pastel (0.8.0)
      tty-color (~> 0.5)
    rake (12.3.3)
    strings (0.2.0)
      strings-ansi (~> 0.2)
      unicode-display_width (~> 1.5)
      unicode_utils (~> 1.4)
    strings-ansi (0.2.0)
    tty-box (0.6.0)
      pastel (~> 0.8)
      strings (~> 0.2.0)
      tty-cursor (~> 0.7)
    tty-color (0.6.0)
    tty-cursor (0.7.1)
    tty-font (0.5.0)
    tty-progressbar (0.11.0)
      tty-screen (~> 0.5.0)
    tty-screen (0.5.1)
    tty-spinner (0.9.3)
      tty-cursor (~> 0.7)
    unicode-display_width (1.7.0)
    unicode_utils (1.4.0)

PLATFORMS
  ruby

DEPENDENCIES
  pastel
  rake (~> 12.0)
  top_100_videogames!
  tty-box
  tty-color
  tty-font
  tty-progressbar
  tty-spinner

BUNDLED WITH
   2.1.4
